GEM
  remote: https://rubygems.org/
  specs:
    activemodel (4.1.8)
      activesupport (= 4.1.8)
      builder (~> 3.1)
    activerecord (4.1.8)
      activemodel (= 4.1.8)
      activesupport (= 4.1.8)
      arel (~> 5.0.0)
    activesupport (4.1.8)
      i18n (~> 0.6, >= 0.6.9)
      json (~> 1.7, >= 1.7.7)
      minitest (~> 5.1)
      thread_safe (~> 0.1)
      tzinfo (~> 1.1)
    addressable (2.3.6)
    arel (5.0.1.20140414130214)
    builder (3.2.2)
    coderay (1.1.0)
    fetcher (0.4.4)
      logutils (>= 0.6)
    gli (2.12.2)
    i18n (0.6.11)
    json (1.8.1)
    kramdown (1.5.0)
    launchy (2.4.3)
      addressable (~> 2.3)
    logutils (0.6.0)
    markdown (1.1.1)
      kramdown (>= 1.0.2)
      props (>= 1.0.0)
      textutils (>= 0.6.4)
    minitest (5.4.3)
    pakman (0.5.0)
      fetcher (>= 0.3.0)
      logutils (>= 0.6.0)
    plist (3.1.0)
    props (1.1.1)
    rake (10.4.0)
    rubyzip (1.1.6)
    slideshow (2.3.0)
      activesupport (>= 3.2.6)
      gli (>= 2.5.6)
      logutils (>= 0.6.0)
      markdown (>= 1.0.0)
      pakman (>= 0.4.0)
      props (>= 1.0.0)
      textutils (>= 0.2.0)
    textpow (1.3.1)
      plist (>= 3.0.1)
    textutils (0.9.10)
      activesupport
      logutils
      props
      rubyzip
    thread_safe (0.3.4)
    tzinfo (1.2.2)
      thread_safe (~> 0.1)
    ultraviolet (1.0.1)
      textpow (>= 1.3.0)

PLATFORMS
  ruby

DEPENDENCIES
  activerecord
  coderay
  launchy
  rake
  slideshow
  ultraviolet
